GIT
  remote: http://github.com/sanger/lims-api.git
  revision: b7cc6aa6b8f4c3cc4b3f11ecea32711ed12c014d
  branch: development
  specs:
    lims-api (1.2.0.3.1)
      active_support
      bunny (= 0.9.0.pre10)
      json
      sequel
      state_machine

GIT
  remote: http://github.com/sanger/lims-core.git
  revision: b198e26741bbd0c4b2349978c79f58f97b15f448
  branch: development
  specs:
    lims-core (1.5.0.3.1)
      active_support
      aequitas
      bunny (= 0.9.0.pre10)
      facets (= 2.9.3)
      sequel
      state_machine
      uuid
      virtus (= 0.2.0)

GIT
  remote: http://github.com/sinatra/sinatra.git
  revision: 459369eb66224836f72e21bbece58c007f3422fa
  branch: 459369eb66224836f72e21bbece58c007f3422fa
  specs:
    sinatra (1.4.0)
      rack (~> 1.4)
      rack-protection (~> 1.3)
      tilt (~> 1.3, >= 1.3.3)

PATH
  remote: .
  specs:
    lims-management-app (0.2.1)
      bunny (= 0.9.0.pre10)
      json

GEM
  remote: http://rubygems.org/
  specs:
    active_support (3.0.0)
      activesupport (= 3.0.0)
    activesupport (3.0.0)
    aequitas (0.0.2)
    amq-protocol (1.5.0)
    bond (0.4.3)
    bunny (0.9.0.pre10)
      amq-protocol (>= 1.4.0)
    columnize (0.3.6)
    debugger (1.5.0)
      columnize (>= 0.3.1)
      debugger-linecache (~> 1.2.0)
      debugger-ruby_core_source (~> 1.2.0)
    debugger-completion (1.0.0)
      bond (>= 0.4.2)
      debugger (~> 1.1)
    debugger-linecache (1.2.0)
    debugger-ruby_core_source (1.2.0)
    diff-lcs (1.1.3)
    facets (2.9.3)
    github-markup (0.7.5)
    hashdiff (0.0.6)
    json (1.7.7)
    macaddr (1.6.1)
      systemu (~> 2.5.0)
    mime-types (1.23)
    mysql2 (0.3.11)
    rack (1.5.2)
    rack-protection (1.5.0)
      rack
    rack-test (0.6.2)
      rack (>= 1.0)
    rake (0.9.6)
    redcarpet (2.1.1)
    rest-client (1.6.7)
      mime-types (>= 1.16)
    rspec (2.8.0)
      rspec-core (~> 2.8.0)
      rspec-expectations (~> 2.8.0)
      rspec-mocks (~> 2.8.0)
    rspec-core (2.8.0)
    rspec-expectations (2.8.0)
      diff-lcs (~> 1.1.2)
    rspec-mocks (2.8.0)
    sequel (3.47.0)
    shotgun (0.9)
      rack (>= 1.0)
    sqlite3 (1.3.7)
    state_machine (1.2.0)
    systemu (2.5.2)
    tilt (1.3.7)
    uuid (2.3.7)
      macaddr (~> 1.0)
    virtus (0.2.0)
    yard (0.8.6.1)
    yard-rspec (0.1)
      yard

PLATFORMS
  ruby

DEPENDENCIES
  debugger
  debugger-completion
  github-markup (~> 0.7.1)
  hashdiff
  lims-api (~> 1.2)!
  lims-core (~> 1.5)!
  lims-management-app!
  mysql2
  rack-test (~> 0.6.1)
  rake (~> 0.9.2)
  redcarpet (~> 2.1.0)
  rest-client
  rspec (~> 2.8.0)
  shotgun
  sinatra!
  sqlite3
  yard (>= 0.7.0)
  yard-rspec (= 0.1)
